GEM
  remote: https://rubygems.org/
  specs:
    activemodel (6.0.3.2)
      activesupport (= 6.0.3.2)
    activesupport (6.0.3.2)
      concurrent-ruby (~> 1.0, >= 1.0.2)
      i18n (>= 0.7, < 2)
      minitest (~> 5.1)
      tzinfo (~> 1.1)
      zeitwerk (~> 2.2, >= 2.2.2)
    bson (4.10.0)
    concurrent-ruby (1.1.7)
    dotenv (2.7.6)
    i18n (1.8.5)
      concurrent-ruby (~> 1.0)
    minitest (5.14.2)
    mongo (2.13.0)
      bson (>= 4.8.2, < 5.0.0)
    mongoid (7.1.2)
      activemodel (>= 5.1, < 6.1)
      mongo (>= 2.7.0, < 3.0.0)
    rack (1.6.12)
    rack-protection (1.5.5)
      rack
    shotgun (0.9.2)
      rack (>= 1.0)
    sinatra (1.4.8)
      rack (~> 1.5)
      rack-protection (~> 1.4)
      tilt (>= 1.3, < 3)
    thread_safe (0.3.6)
    tilt (2.0.10)
    tzinfo (1.2.7)
      thread_safe (~> 0.1)
    zeitwerk (2.4.0)

PLATFORMS
  ruby

DEPENDENCIES
  dotenv
  mongoid (~> 7.0)
  shotgun
  sinatra

RUBY VERSION
   ruby 2.5.3p105

BUNDLED WITH
   1.16.6
